GIT
  remote: https://github.com/UNStats/website-theme.git
  revision: f1154d28508dd29a12bf1e9e38c60cb7d5f10990
  tag: v0.1.6
  specs:
    website-theme (0.1.6)
      jekyll-sitemap (~> 0.8.0)
      octopress-comment-tag (~> 1.0.1)
      octopress-ink (~> 1.0.0.rc.48)
      octopress-multilingual (~> 1.1.2)
      octopress-render-tag (~> 1.0.6)

GEM
  remote: https://rubygems.org/
  specs:
    addressable (2.3.7)
    ast (2.0.0)
    astrolabe (1.3.0)
      parser (>= 2.2.0.pre.3, < 3.0)
    blankslate (2.1.2.4)
    byebug (3.5.1)
      columnize (~> 0.8)
      debugger-linecache (~> 1.2)
      slop (~> 3.6)
    celluloid (0.16.0)
      timers (~> 4.0.0)
    classifier-reborn (2.0.3)
      fast-stemmer (~> 1.0)
    coderay (1.1.0)
    coffee-script (2.3.0)
      coffee-script-source
      execjs
    coffee-script-source (1.9.1)
    colorator (0.1)
    colored (1.2)
    columnize (0.9.0)
    debugger-linecache (1.2.0)
    ethon (0.7.3)
      ffi (>= 1.3.0)
    execjs (2.4.0)
    fast-stemmer (1.0.2)
    ffi (1.9.6)
    ffi (1.9.6-x64-mingw32)
    hitimes (1.2.2)
    html-proofer (2.1.0)
      addressable (~> 2.3)
      colored (~> 1.2)
      mercenary (~> 0.3.2)
      nokogiri (~> 1.5)
      parallel (~> 1.3)
      typhoeus (~> 0.7)
      yell (~> 2.0)
    jekyll (2.5.3)
      classifier-reborn (~> 2.0)
      colorator (~> 0.1)
      jekyll-coffeescript (~> 1.0)
      jekyll-gist (~> 1.0)
      jekyll-paginate (~> 1.0)
      jekyll-sass-converter (~> 1.0)
      jekyll-watch (~> 1.1)
      kramdown (~> 1.3)
      liquid (~> 2.6.1)
      mercenary (~> 0.3.3)
      pygments.rb (~> 0.6.0)
      redcarpet (~> 3.1)
      safe_yaml (~> 1.0)
      toml (~> 0.1.0)
    jekyll-coffeescript (1.0.1)
      coffee-script (~> 2.2)
    jekyll-gist (1.1.0)
    jekyll-paginate (1.1.0)
    jekyll-sass-converter (1.3.0)
      sass (~> 3.2)
    jekyll-sitemap (0.8.0)
    jekyll-watch (1.2.1)
      listen (~> 2.7)
    json (1.8.2)
    kramdown (1.6.0)
    launchy (2.4.3)
      addressable (~> 2.3)
    liquid (2.6.2)
    listen (2.8.5)
      celluloid (>= 0.15.2)
      rb-fsevent (>= 0.9.3)
      rb-inotify (>= 0.9)
    mercenary (0.3.5)
    method_source (0.8.2)
    mini_portile (0.6.2)
    nokogiri (1.6.6.2)
      mini_portile (~> 0.6.0)
    nokogiri (1.6.6.2-x64-mingw32)
      mini_portile (~> 0.6.0)
    octopress (3.0.0.rc.34)
      jekyll (~> 2.0)
      mercenary (~> 0.3.2)
      octopress-deploy
      octopress-escape-code (~> 2.0)
      octopress-hooks (~> 2.0)
      titlecase
    octopress-comment-tag (1.0.1)
      jekyll
    octopress-date-format (3.0.2)
      jekyll (~> 2.0)
      octopress-hooks (~> 2.0)
    octopress-debugger (1.0.2)
      jekyll
      pry-byebug
    octopress-deploy (1.1.0)
      colorator
    octopress-escape-code (2.0.6)
      octopress-hooks (~> 2.0)
    octopress-filters (1.3.3)
      jekyll
      octopress-hooks (~> 2.0)
      rubypants-unicode
      titlecase
    octopress-hooks (2.6.0)
      jekyll (~> 2.0)
    octopress-include-tag (1.0.3)
      jekyll (~> 2.0)
      octopress-tag-helpers (~> 1.0)
    octopress-ink (1.0.0.rc.52)
      jekyll (~> 2.0)
      octopress (~> 3.0.0.rc)
      octopress-date-format (~> 3.0)
      octopress-filters (~> 1.1)
      octopress-hooks (~> 2.2)
      octopress-include-tag (~> 1.0)
      uglifier (~> 2.5)
    octopress-multilingual (1.1.3)
      octopress-hooks
    octopress-render-tag (1.0.6)
      jekyll (~> 2.0)
      octopress-tag-helpers (~> 1.0)
    octopress-tag-helpers (1.0.3)
      jekyll (~> 2.0)
    parallel (1.4.1)
    parser (2.2.0.3)
      ast (>= 1.1, < 3.0)
    parslet (1.5.0)
      blankslate (~> 2.0)
    posix-spawn (0.3.10)
    powerpack (0.1.0)
    pry (0.10.1)
      coderay (~> 1.1.0)
      method_source (~> 0.8.1)
      slop (~> 3.4)
    pry (0.10.1-x64-mingw32)
      coderay (~> 1.1.0)
      method_source (~> 0.8.1)
      slop (~> 3.4)
      win32console (~> 1.3)
    pry-byebug (3.0.1)
      byebug (~> 3.4)
      pry (~> 0.10)
    pygments.rb (0.6.2)
      posix-spawn (~> 0.3.6)
      yajl-ruby (~> 1.2.0)
    rainbow (2.0.0)
    rake (10.4.2)
    rb-fsevent (0.9.4)
    rb-inotify (0.9.5)
      ffi (>= 0.5.0)
    redcarpet (3.2.2)
    rubocop (0.29.1)
      astrolabe (~> 1.3)
      parser (>= 2.2.0.1, < 3.0)
      powerpack (~> 0.1)
      rainbow (>= 1.99.1, < 3.0)
      ruby-progressbar (~> 1.4)
    ruby-progressbar (1.7.1)
    rubypants-unicode (0.2.5)
    safe_yaml (1.0.4)
    sass (3.4.13)
    scss-lint (0.34.0)
      rainbow (~> 2.0)
      sass (~> 3.4.1)
    slop (3.6.0)
    timers (4.0.1)
      hitimes
    titlecase (0.1.1)
    toml (0.1.2)
      parslet (~> 1.5.0)
    typhoeus (0.7.1)
      ethon (>= 0.7.1)
    uglifier (2.7.1)
      execjs (>= 0.3.0)
      json (>= 1.8.0)
    wdm (0.1.0)
    win32console (1.3.2)
    yajl-ruby (1.2.1)
    yell (2.0.5)

PLATFORMS
  ruby
  x64-mingw32

DEPENDENCIES
  html-proofer (~> 2.1)
  launchy (~> 2.4)
  octopress-debugger (~> 1.0)
  pry-byebug (~> 3.0)
  rake (~> 10.4)
  rubocop (~> 0.29)
  scss-lint (~> 0.34)
  wdm (~> 0.1)
  website-theme!
